GEM
  remote: http://192.168.0.68/
  remote: http://rubygems.org/
  specs:
    activesupport (3.2.9)
      i18n (~> 0.6)
      multi_json (~> 1.0)
    i18n (0.6.1)
    multi_json (1.4.0)
    nokogiri (1.5.5)
    parsifal (0.3.1)
      activesupport (~> 3.2.0)
      nokogiri (~> 1.5.0)

PLATFORMS
  ruby

DEPENDENCIES
  activesupport (~> 3.2.9)
  parsifal
